##TITLE= Parameter file, TopSpin 3.6.3
##JCAMPDX= 5.0
##DATATYPE= Parameter Values
##NPOINTS= 97590	$$ modification sequence number
##ORIGIN= Bruker BioSpin GmbH
##OWNER= nmrsu
$$ 2021-10-29 11:34:04.724 +0100  nmrsu@CZC943CYQC
$$ C:/Bruker/TopSpin3.6.3/conf/instr/spect/specpar
$$ process C:\Bruker\TopSpin3.6.3\prog\mod\hconfserver.exe
##$ANCIEN= (0..7)
0 0 0 0 0 0 0 0
##$BF1= 100.13
##$BF2= 100.13
##$BF3= 100.13
##$DEC= 1
##$DECB= 1
##$DEF19F= yes
##$DEFRSEL= yes
##$HPMOD= (0..7)
0 0 0 0 0 0 0 0
##$HPPRECH= (0..15)
-1 -1 -1 -1 -1 -1 -1 -1 -1 -1 -1 -1 -1 -1 -1 -1
##$HPSELECT= no
##$LOCSW19F= -1
##$LOCSW2H= -1
##$NUC1= 1
##$NUC2= 1
##$NUC3= 0
##$NUC4= 0
##$NUC5= 0
##$NUC6= 0
##$NUC7= 0
##$NUC8= 0
##$NUCARR= (0..123)
600.29 600.29 92.148169926 640.293169525 457.29477503 88.339192649 233.295487011
84.351628258 64.493104608 192.596887525 150.943040558 43.378858319 60.826857445
81.378055725 564.836938632 47.388669458 158.78811051 36.747562742 156.416718891
119.260736842 243.001846152 46.0782604 58.815867936 48.958001603 28.011770482
15.375257784 40.399691084 145.820928066 33.841552849 33.850575207 59.850767896
157.893966549 33.931368238 148.807196732 19.436057556 142.431252515 53.642220548
159.169732872 170.50452871 37.558962729 144.077727927 183.068664442 20.940006113
102.785339581 114.484385388 31.321463394 150.396536542 162.117426902 23.09675804
57.957657335 196.417613317 26.015500084 29.415398574 55.804747264 146.928000893
39.120455085 39.941465715 135.115230145 27.644260938 30.98318197 19.127922696
27.46987069 24.298652675 27.934693246 127.354404892 133.223410208 131.257940689
131.539320624 196.407378372 213.896887551 223.851934833 143.652860673 77.792883729
157.094344252 189.39010833 120.102937709 166.941765539 49.487433371 78.734888812
59.635551925 66.709795491 79.20406347 84.794810359 183.808798 32.715805
20.169744 25.032093 20.649976 149.232094 65.911842 18.428903 24.191687
144.309716 20.649976 28.933978 128.101886 17.288352 49.764041 105.046583987
28.9399809 68.4570716 48.8095799 24.0536203 15.1092993 71.97236984 25.010404522
135.21292134 136.57557964 13.70060476 46.61491966 10.3129822 11.2314259
129.043044674 10.3790141 107.516873384 39.688671591 342.90485728 346.27031113
125.584263737 96.462328935 11.05374006 21.790527 100 100
##$NUCOFFS= (0..127)
<3H> <1H> <6Li> <3He> <2H> <13C> <10B> <31P> <15N> <19F> <77Se> <125Te>
<123Te> <17O> <183W> <109Ag> <101Ru> <121Sb> <201Hg> <14N> <50V> <51V>
<11B> <23Na> <71Ga> <73Ge> <29Si> <7Li> <103Rh> <95Mo> <> <> <> <> <> <>
<> <> <> <> <> <> <> <> <> <> <> <> <> <> <> <> <> <> <> <> <> <> <> <>
<> <> <> <> <> <> <> <> <> <> <> <> <> <> <> <> <> <> <> <> <> <> <> <>
<> <> <> <> <> <> <> <> <> <> <> <> <> <> <> <> <> <> <> <> <> <> <> <>
<> <> <> <> <> <> <> <> <> <> <> <> <> <> <> <> <> <> <> <>
##$OBS= 1
##$OFFS= (0..127)
0 2401.16 0 0 0 16603.73 0 0 0 0 0 0 0 0 0 0 0 0 0 0 0 0 0 0 0 0 0 0 0
0 0 0 0 0 0 0 0 0 0 0 0 0 0 0 0 0 0 0 0 0 0 0 0 0 0 0 0 0 0 0 0 0 0 0 0
0 0 0 0 0 0 0 0 0 0 0 0 0 0 0 0 0 0 0 0 0 0 0 0 0 0 0 0 0 0 0 0 0 0 0 0
0 0 0 0 0 0 0 0 0 0 0 0 0 0 0 0 0 0 0 0 0 0 0 0 0 0 0
##$OFFSF= (0..7)
0 0 0 0 0 0 0 0
##$OFFSH= (0..7)
0 0 0 0 0 0 0 0
##$OFFSX= (0..7)
0 0 0 0 0 0 0 0
##$OFFSXAS= (0..7)
0 0 0 0 0 0 0 0
##$OFSF1= 0
##$OFSF2= 0
##$OFSH1= 0
##$OFSH2= 0
##$OFSH3= 0
##$OFSX1= 0
##$OFSX2= 0
##$OFSY= 0
##$PACOIL= (0..15)
0 0 0 0 0 0 0 0 0 0 0 0 0 0 0 0
##$PRECHAN= (0..15)
-1 3 -1 0 1 -1 -1 -1 -1 -1 -1 -1 -1 -1 -1 -1
##$RECPRE= (0..15)
-1 0 -1 -1 -1 -1 -1 -1 -1 -1 -1 -1 -1 -1 -1 -1
##$RECPRFX= (0..15)
1 0 0 0 0 0 0 0 0 0 0 0 0 0 0 0
##$RECSEL= (0..15)
0 0 1 0 0 0 0 0 0 0 0 0 0 0 0 0
##$SELREC= (0..9)
0 0 0 0 0 0 0 0 0 0
##$SFO1= 600.292401
##$SFO2= 600.292401
##$SFO3= 600.299057
##$SFO4= 600.299057
##$SFO5= 600.299057
##$SFO6= 600.299057
##$SFO7= 600.299057
##$SFO8= 600.299057
##$TY= (0..123)
0 0 0 0 0 0 0 0 0 0 0 0 0 0 0 0 0 0 0 0 0 0 0 0 0 0 0 0 0 0 0 0 0 0 0 0
0 0 0 0 0 0 0 0 0 0 0 0 0 0 0 0 0 0 0 0 0 0 0 0 0 0 0 0 0 0 0 0 0 0 0 0
0 0 0 0 0 0 0 0 0 0 0 0 0 0 0 0 0 0 0 0 0 0 0 0 0 0 0 0 0 0 0 0 0 0 0 0
0 0 0 0 0 0 0 0 0 0 0 0 0 0 0 0
##END=
